GEM
  remote: http://rubygems.org/
  specs:
    activesupport (2.3.12)
    git (1.2.5)
    jeweler (1.6.2)
      bundler (~> 1.0)
      git (>= 1.2.5)
      rake
    rake (0.9.2)
    rcov (0.9.9)
    riot (0.12.4)
      rr
    rr (1.0.2)

PLATFORMS
  ruby

DEPENDENCIES
  activesupport (~> 2.3.11)
  bundler (~> 1.0.0)
  jeweler (~> 1.6.2)
  rcov
  riot
  rr
